GEM
  remote: https://rubygems.org/
  specs:
    bigdecimal (3.1.8)
    concurrent-ruby (1.3.4)
    discordrb (3.5.0)
      discordrb-webhooks (~> 3.5.0)
      ffi (>= 1.9.24)
      opus-ruby
      rest-client (>= 2.0.0)
      websocket-client-simple (>= 0.3.0)
    discordrb-webhooks (3.5.0)
      rest-client (>= 2.0.0)
    domain_name (0.6.20240107)
    dotenv (3.1.4)
    dry-core (1.0.1)
      concurrent-ruby (~> 1.0)
      zeitwerk (~> 2.6)
    dry-inflector (1.1.0)
    dry-logic (1.5.0)
      concurrent-ruby (~> 1.0)
      dry-core (~> 1.0, < 2)
      zeitwerk (~> 2.6)
    dry-struct (1.6.0)
      dry-core (~> 1.0, < 2)
      dry-types (>= 1.7, < 2)
      ice_nine (~> 0.11)
      zeitwerk (~> 2.6)
    dry-types (1.7.2)
      bigdecimal (~> 3.0)
      concurrent-ruby (~> 1.0)
      dry-core (~> 1.0)
      dry-inflector (~> 1.0)
      dry-logic (~> 1.4)
      zeitwerk (~> 2.6)
    event_emitter (0.2.6)
    faraday (2.12.0)
      faraday-net_http (>= 2.0, < 3.4)
      json
      logger
    faraday-multipart (1.0.4)
      multipart-post (~> 2)
    faraday-net_http (3.3.0)
      net-http
    ffi (1.17.0)
    ffi (1.17.0-x64-mingw-ucrt)
    http-accept (1.7.0)
    http-cookie (1.0.7)
      domain_name (~> 0.5)
    ice_nine (0.11.2)
    json (2.7.2)
    logger (1.6.1)
    mime-types (3.6.0)
      logger
      mime-types-data (~> 3.2015)
    mime-types-data (3.2024.1001)
    multipart-post (2.4.1)
    net-http (0.4.1)
      uri
    netrc (0.11.0)
    opus-ruby (1.0.1)
      ffi
    pg (1.5.8)
    pg (1.5.8-x64-mingw-ucrt)
    rest-client (2.1.0)
      http-accept (>= 1.7.0, < 2.0)
      http-cookie (>= 1.0.2, < 2.0)
      mime-types (>= 1.16, < 4.0)
      netrc (~> 0.8)
    telegram-bot-ruby (1.0.0)
      dry-struct (~> 1.6)
      faraday (~> 2.0)
      faraday-multipart (~> 1.0)
      zeitwerk (~> 2.6)
    uri (0.13.1)
    websocket (1.2.11)
    websocket-client-simple (0.8.0)
      event_emitter
      websocket
    zeitwerk (2.6.18)

PLATFORMS
  x64-mingw-ucrt
  x86_64-linux

DEPENDENCIES
  discordrb
  dotenv
  pg
  telegram-bot-ruby (= 1.0)

BUNDLED WITH
   2.5.11
